GEM
  remote: http://rubygems.org/
  specs:
    activesupport (3.2.6)
      i18n (~> 0.6)
      multi_json (~> 1.0)
    blather (0.7.1)
      activesupport (>= 3.0.7)
      eventmachine (>= 0.12.6)
      girl_friday
      niceogiri (~> 1.0)
      nokogiri (~> 1.4)
    connection_pool (0.1.0)
    daemon-kit (0.1.8.2)
      eventmachine (>= 0.12.10)
      safely (>= 0.3.1)
    eventmachine (0.12.10)
    girl_friday (0.9.7)
      connection_pool (~> 0.1.0)
    i18n (0.6.0)
    multi_json (1.3.6)
    niceogiri (1.0.2)
      nokogiri (~> 1.4)
    nokogiri (1.5.5)
    safely (0.3.2)

PLATFORMS
  ruby

DEPENDENCIES
  blather
  daemon-kit
  safely
